GEM
  remote: https://rubygems.org/
  specs:
    bindata (2.4.15)
    coderay (1.1.3)
    method_source (1.1.0)
    pry (0.14.2)
      coderay (~> 1.1)
      method_source (~> 1.0)

PLATFORMS
  aarch64-linux-musl
  arm64-darwin-21
  x86_64-darwin-21
  x86_64-linux

DEPENDENCIES
  bindata (~> 2.4)
  pry

BUNDLED WITH
   2.4.18
